GEM
  remote: https://rubygems.org/
  specs:
    mime-types (3.3.1)
      mime-types-data (~> 3.2015)
    mime-types-data (3.2020.0512)
    mini_portile2 (2.4.0)
    nokogiri (1.10.10)
      mini_portile2 (~> 2.4.0)
    redcarpet (3.5.0)

PLATFORMS
  ruby

DEPENDENCIES
  mime-types (~> 3.3, >= 3.3.1)
  nokogiri
  redcarpet

BUNDLED WITH
   2.1.4
